GEM
  remote: https://rubygems.org/
  specs:
    activemodel (7.0.4.3)
      activesupport (= 7.0.4.3)
    activemodel-serializers-xml (1.0.2)
      activemodel (> 5.x)
      activesupport (> 5.x)
      builder (~> 3.1)
    activeresource (6.0.0)
      activemodel (>= 6.0)
      activemodel-serializers-xml (~> 1.0)
      activesupport (>= 6.0)
    activesupport (7.0.4.3)
      concurrent-ruby (~> 1.0, >= 1.0.2)
      i18n (>= 1.6, < 2)
      minitest (>= 5.1)
      tzinfo (~> 2.0)
    builder (3.2.4)
    concurrent-ruby (1.2.2)
    dotenv (2.2.1)
    httparty (0.15.5)
      multi_xml (>= 0.5.2)
    i18n (1.12.0)
      concurrent-ruby (~> 1.0)
    minitest (5.18.0)
    multi_xml (0.6.0)
    mustermann (1.0.0)
    rack (2.0.3)
    rack-protection (2.0.0)
      rack
    shopify_api (4.9.0)
      activeresource (>= 3.0.0)
      rack
    sinatra (2.0.0)
      mustermann (~> 1.0)
      rack (~> 2.0)
      rack-protection (= 2.0.0)
      tilt (~> 2.0)
    tilt (2.0.7)
    tzinfo (2.0.6)
      concurrent-ruby (~> 1.0)

PLATFORMS
  ruby

DEPENDENCIES
  dotenv
  httparty
  shopify_api
  sinatra

BUNDLED WITH
   1.15.1
